GEM
  remote: https://rubygems.org/
  specs:
    colorize (0.8.1)
    json (2.3.1)

PLATFORMS
  ruby

DEPENDENCIES
  colorize (~> 0.8)
  json (~> 2.3)

BUNDLED WITH
   2.1.4
